GEM
  remote: http://rubygems.org/
  specs:
    bson (1.3.1)
    bson_ext (1.3.1)
    capistrano (2.6.0)
      highline
      net-scp (>= 1.0.0)
      net-sftp (>= 2.0.0)
      net-ssh (>= 2.0.14)
      net-ssh-gateway (>= 1.1.0)
    capistrano-ext (1.2.1)
      capistrano (>= 1.0.0)
    foreman (0.25.0)
      term-ansicolor (~> 1.0.5)
      thor (>= 0.13.6)
    highline (1.6.2)
    jsmin (1.0.1)
    json (1.5.3)
    mongo (1.3.1)
      bson (>= 1.3.1)
    net-scp (1.0.4)
      net-ssh (>= 1.99.1)
    net-sftp (2.0.5)
      net-ssh (>= 2.0.9)
    net-ssh (2.1.4)
    net-ssh-gateway (1.1.0)
      net-ssh (>= 1.99.1)
    rack (1.3.0)
    rack-test (0.6.1)
      rack (>= 1.0)
    sass (3.1.7)
    shotgun (0.9)
      rack (>= 1.0)
    sinatra (1.2.6)
      rack (~> 1.1)
      tilt (>= 1.2.2, < 2.0)
    sinatra-assetpack (0.0.8)
      jsmin
      rack-test
      sinatra
      tilt (>= 1.3.0)
    sinatra-backbone (0.1.0.rc2)
      sinatra
    term-ansicolor (1.0.7)
    thor (0.14.6)
    tilt (1.3.2)

PLATFORMS
  ruby

DEPENDENCIES
  bson_ext
  capistrano
  capistrano-ext
  foreman
  json
  mongo
  sass
  shotgun
  sinatra
  sinatra-assetpack
  sinatra-backbone
